PATH
  remote: .
  specs:
    rspec-honk (0.1.0)
      honkhonk (~> 0.0.1)
      rspec (~> 3.9.0)

GEM
  remote: https://rubygems.org/
  specs:
    diff-lcs (1.3)
    honkhonk (0.0.1)
    rake (10.5.0)
    rspec (3.9.0)
      rspec-core (~> 3.9.0)
      rspec-expectations (~> 3.9.0)
      rspec-mocks (~> 3.9.0)
    rspec-core (3.9.0)
      rspec-support (~> 3.9.0)
    rspec-expectations (3.9.0)
      diff-lcs (>= 1.2.0, < 2.0)
      rspec-support (~> 3.9.0)
    rspec-mocks (3.9.0)
      diff-lcs (>= 1.2.0, < 2.0)
      rspec-support (~> 3.9.0)
    rspec-support (3.9.0)

PLATFORMS
  ruby

DEPENDENCIES
  bundler (~> 2.0)
  rake (~> 10.0)
  rspec-honk!

BUNDLED WITH
   2.0.2
